GIT
  remote: https://github.com/andytinycat/mongo_sequence
  revision: 91aef8ba667ac37f81770419e726a3b7ee62d0e2
  specs:
    mongo_sequence (1.0.0)
      mongo (> 1.1)

GIT
  remote: https://github.com/andytinycat/ruby-mp4info
  revision: f48c872a28fb459c7d624335f186a6b8f76fa9b2
  specs:
    mp4info (1.7.3)

GEM
  remote: http://rubygems.org/
  specs:
    async_sinatra (1.0.0)
      rack (>= 1.4.1)
      sinatra (>= 1.3.2)
    backports (2.8.2)
    bson (1.8.2)
    bson_ext (1.8.2)
      bson (~> 1.8.2)
    daemons (1.1.9)
    dmap-ng (0.2.6)
    dnssd (2.0)
    eventmachine (1.0.0)
    ffi (1.3.1)
    listen (0.7.2)
    mongo (1.8.2)
      bson (~> 1.8.2)
    rack (1.5.1)
    rack-protection (1.3.2)
      rack
    rack-test (0.6.2)
      rack (>= 1.0)
    rb-fchange (0.0.6)
      ffi
    rb-fsevent (0.9.3)
    rb-inotify (0.9.0)
      ffi (>= 0.5.0)
    sinatra (1.3.4)
      rack (~> 1.4)
      rack-protection (~> 1.3)
      tilt (~> 1.3, >= 1.3.3)
    sinatra-contrib (1.3.2)
      backports (>= 2.0)
      eventmachine
      rack-protection
      rack-test
      sinatra (~> 1.3.0)
      tilt (~> 1.3)
    taglib-ruby (0.5.2)
    thin (1.5.0)
      daemons (>= 1.0.9)
      eventmachine (>= 0.12.6)
      rack (>= 1.0.0)
    tilt (1.3.3)

PLATFORMS
  ruby

DEPENDENCIES
  async_sinatra
  bson_ext
  dmap-ng
  dnssd
  listen
  mongo
  mongo_sequence!
  mp4info!
  rb-fchange
  rb-fsevent
  rb-inotify
  sinatra
  sinatra-contrib
  taglib-ruby
  thin
